GEM
  remote: http://rubygems.org/
  specs:
    activesupport (2.3.10)
    clipboard (0.9.2)
      ffi
      zucker (>= 8)
    ffi (0.6.3)
      rake (>= 0.8.7)
    git (1.2.5)
    jeweler (1.5.1)
      bundler (~> 1.0.0)
      git (>= 1.2.5)
      rake
    rake (0.8.7)
    rcov (0.9.9)
    shoulda (2.11.3)
    zucker (8)

PLATFORMS
  ruby

DEPENDENCIES
  activesupport (~> 2.3.8)
  clipboard (~> 0.9.2)
  ffi (~> 0.6.3)
  jeweler (~> 1.5.1)
  rcov
  shoulda
